GEM
  remote: https://rubygems.org/
  specs:
    bq_coaster (0.2.0)
      erubis
      hashie
      thor
    erubis (2.7.0)
    hashie (3.5.5)
    thor (0.19.4)

PLATFORMS
  ruby

DEPENDENCIES
  bq_coaster

BUNDLED WITH
   1.14.6
